PATH
  remote: .
  specs:
    rulers (0.0.3)
      erubis
      multi_json
      rack
      sqlite3

GEM
  remote: https://rubygems.org/
  specs:
    erubis (2.7.0)
    multi_json (1.15.0)
    power_assert (1.2.0)
    rack (2.2.3.1)
    rack-test (1.1.0)
      rack (>= 1.0, < 3)
    rake (13.0.1)
    sqlite3 (1.4.2)
    test-unit (3.3.5)
      power_assert

PLATFORMS
  ruby

DEPENDENCIES
  bundler (~> 2.0)
  rack-test
  rake (>= 12.3.3)
  rulers!
  test-unit

BUNDLED WITH
   2.1.4
